GEM
  remote: https://rubygems.org/
  specs:
    beanstalk-client (1.1.1)
    fluiddb (0.1.17)
    haml (4.0.5)
      tilt
    json (1.8.1)
    metaclass (0.0.4)
    mocha (1.1.0)
      metaclass (~> 0.0.1)
    net-sftp (2.1.2)
      net-ssh (>= 2.6.5)
    net-ssh (2.9.1)
    net-ssh-gateway (1.2.0)
      net-ssh (>= 2.6.5)
    parse-cron (0.1.4)
    rake (10.3.2)
    redis (3.1.0)
    tilt (2.0.1)
    uuidtools (2.1.5)
    zip (2.0.2)

PLATFORMS
  ruby

DEPENDENCIES
  beanstalk-client
  fluiddb
  haml
  json
  mocha
  net-sftp
  net-ssh-gateway
  parse-cron
  rake
  redis
  uuidtools
  zip
